GEM
  remote: https://rubygems.org/
  specs:
    bson (1.9.1)
    bson_ext (1.9.1)
      bson (~> 1.9.1)
    ffi (1.9.0)
    json (1.8.0)
    listen (1.3.0)
      rb-fsevent (>= 0.9.3)
      rb-inotify (>= 0.9)
      rb-kqueue (>= 0.2)
    mongo (1.9.1)
      bson (~> 1.9.1)
    rack (1.5.2)
    rack-protection (1.5.0)
      rack
    rb-fsevent (0.9.3)
    rb-inotify (0.9.1)
      ffi (>= 0.5.0)
    rb-kqueue (0.2.0)
      ffi (>= 0.5.0)
    rerun (0.8.1)
      listen (>= 1.0.3)
    sinatra (1.4.3)
      rack (~> 1.4)
      rack-protection (~> 1.4)
      tilt (~> 1.3, >= 1.3.4)
    tilt (1.4.1)

PLATFORMS
  ruby

DEPENDENCIES
  bson_ext (= 1.9.1)
  json (= 1.8.0)
  mongo (= 1.9.1)
  rerun (= 0.8.1)
  sinatra (= 1.4.3)
